GEM
  remote: https://rubygems.org/
  specs:
    ansi (1.5.0)
    builder (3.2.4)
    minitest (5.14.4)
    minitest-reporters (1.4.3)
      ansi
      builder
      minitest (>= 5.0)
      ruby-progressbar
    ruby-progressbar (1.11.0)

PLATFORMS
  arm64-darwin-20

DEPENDENCIES
  minitest (~> 5.10)
  minitest-reporters (~> 1.1)

RUBY VERSION
   ruby 2.7.2p137

BUNDLED WITH
   2.2.27
